GIT
  remote: git://github.com/odorcicd/authlogic.git
  revision: a087ad0cba3c165ba22fcf176c28b6f7517931e8
  branch: rails3
  specs:
    authlogic (2.1.3)
      activesupport

GIT
  remote: git://github.com/primerano/acts_as_ferret.git
  revision: 10290cd3200025d586c8b7c722f1743d24e8ea54
  specs:
    acts_as_ferret (0.5.2)
      jk-ferret (>= 0.11.8)
      rails (>= 3.0)

PATH
  remote: ../bazarcms
  specs:
    bazarcms (0.0.5)

GEM
  remote: http://rubygems.org/
  specs:
    abstract (1.0.0)
    actionmailer (3.0.7)
      actionpack (= 3.0.7)
      mail (~> 2.2.15)
    actionpack (3.0.7)
      activemodel (= 3.0.7)
      activesupport (= 3.0.7)
      builder (~> 2.1.2)
      erubis (~> 2.6.6)
      i18n (~> 0.5.0)
      rack (~> 1.2.1)
      rack-mount (~> 0.6.14)
      rack-test (~> 0.5.7)
      tzinfo (~> 0.3.23)
    activemodel (3.0.7)
      activesupport (= 3.0.7)
      builder (~> 2.1.2)
      i18n (~> 0.5.0)
    activerecord (3.0.7)
      activemodel (= 3.0.7)
      activesupport (= 3.0.7)
      arel (~> 2.0.2)
      tzinfo (~> 0.3.23)
    activeresource (3.0.7)
      activemodel (= 3.0.7)
      activesupport (= 3.0.7)
    activesupport (3.0.7)
    acts-as-taggable-on (2.3.0)
      rails (~> 3.0)
    arel (2.0.10)
    babosa (0.3.11)
    builder (2.1.2)
    cocaine (0.2.1)
    columnize (0.9.0)
    dalli (2.0.2)
    dynamic_form (1.1.4)
    erubis (2.6.6)
      abstract (>= 1.0.0)
    exception_notification (2.5.2)
      actionmailer (>= 3.0.4)
    fastercsv (1.5.5)
    friendly_id (3.3.3.0)
      babosa (~> 0.3.0)
    i18n (0.5.4)
    jk-ferret (0.11.8.3)
      rake
    jquery-rails (3.1.4)
      railties (>= 3.0, < 5.0)
      thor (>= 0.14, < 2.0)
    json (1.5.4)
    linecache (0.43)
    mail (2.2.20)
      activesupport (>= 2.3.6)
      i18n (>= 0.4.0)
      mime-types (~> 1.16)
      treetop (~> 1.4.8)
    mime-types (1.25.1)
    mysql2 (0.2.24)
    paperclip (2.8.0)
      activerecord (>= 2.3.0)
      activesupport (>= 2.3.2)
      cocaine (>= 0.0.2)
      mime-types
    polyglot (0.3.5)
    rack (1.2.8)
    rack-mount (0.6.14)
      rack (>= 1.0.0)
    rack-test (0.5.7)
      rack (>= 1.0)
    rails (3.0.7)
      actionmailer (= 3.0.7)
      actionpack (= 3.0.7)
      activerecord (= 3.0.7)
      activeresource (= 3.0.7)
      activesupport (= 3.0.7)
      bundler (~> 1.0)
      railties (= 3.0.7)
    rails-i18n (0.6.2)
      i18n (~> 0.5)
    railties (3.0.7)
      actionpack (= 3.0.7)
      activesupport (= 3.0.7)
      rake (>= 0.8.7)
      thor (~> 0.14.4)
    rake (0.9.2.2)
    ruby-debug (0.10.5.rc1)
      columnize (>= 0.1)
      ruby-debug-base (~> 0.10.5.rc1.0)
    ruby-debug-base (0.10.5.rc10)
    sitemap_generator (1.5.2)
    themes_for_rails (0.4.3)
      rails (>= 3.0.0)
    thor (0.14.6)
    translate-rails3 (0.2.3)
      ya2yaml (~> 0.30)
    treetop (1.4.15)
      polyglot
      polyglot (>= 0.3.1)
    truncate_html (0.5.4)
    typhoeus (0.3.3)
      mime-types
    tzinfo (0.3.53)
    will_paginate (3.1.6)
    ya2yaml (0.31)
    yaml_db (0.2.2)

PLATFORMS
  ruby

DEPENDENCIES
  acts-as-taggable-on (= 2.3.0)
  acts_as_ferret (= 0.5.2)!
  authlogic!
  bazarcms!
  cocaine (= 0.2.1)
  dalli (= 2.0.2)
  dynamic_form
  exception_notification (= 2.5.2)
  fastercsv
  friendly_id (~> 3.1)
  jquery-rails
  json (= 1.5.4)
  linecache (= 0.43)
  mysql2 (< 0.3)
  paperclip (~> 2.0)
  rails (= 3.0.7)
  rails-i18n (= 0.6.2)
  rake (= 0.9.2.2)
  ruby-debug (= 0.10.5.rc1)
  sitemap_generator (~> 1.5.2)
  themes_for_rails (= 0.4.3)
  translate-rails3 (= 0.2.3)
  truncate_html (= 0.5.4)
  typhoeus (= 0.3.3)
  will_paginate (~> 3.0.pre2)
  ya2yaml
  yaml_db (= 0.2.2)

BUNDLED WITH
   1.15.4
